GEM
  remote: http://rubygems.org/
  specs:
    json (2.1.0)
    net-telnet (0.1.1)
    power_assert (1.1.3)
    rack (1.6.11)
    rack-protection (1.5.5)
      rack
    rack-test (1.1.0)
      rack (>= 1.0, < 3)
    sinatra (1.4.8)
      rack (~> 1.5)
      rack-protection (~> 1.4)
      tilt (>= 1.3, < 3)
    test-unit (3.2.8)
      power_assert
    tilt (2.0.8)

PLATFORMS
  ruby

DEPENDENCIES
  json
  net-telnet
  rack-test
  sinatra (~> 1.x)
  test-unit

RUBY VERSION
   ruby 2.5.3p105

BUNDLED WITH
   1.17.2
