GEM
  remote: http://rubygems.org/
  specs:
    json (1.8.2)
    rack (1.6.0)
    rack-protection (1.5.3)
      rack
    sinatra (1.4.6)
      rack (~> 1.4)
      rack-protection (~> 1.4)
      tilt (>= 1.3, < 3)
    tilt (2.0.1)

PLATFORMS
  ruby

DEPENDENCIES
  json (~> 1.8.2)
  sinatra (~> 1.4.6)

RUBY VERSION
   ruby 2.2.7p470

BUNDLED WITH
   1.15.0
