GEM
  remote: http://rubygems.org/
  specs:
    json (2.1.0)
    net-telnet (0.1.1)
    rack (1.6.10)
    rack-protection (1.5.5)
      rack
    sinatra (1.4.8)
      rack (~> 1.5)
      rack-protection (~> 1.4)
      tilt (>= 1.3, < 3)
    tilt (2.0.8)

PLATFORMS
  ruby

DEPENDENCIES
  json
  net-telnet
  sinatra (~> 1.x)

RUBY VERSION
   ruby 2.5.1p57

BUNDLED WITH
   1.16.2
